PATH
  remote: .
  specs:
    rspec-flamingo (0.0.0)
      rspec-core (~> 3.10)

GEM
  remote: https://rubygems.org/
  specs:
    diff-lcs (1.5.1)
    rspec (3.13.0)
      rspec-core (~> 3.13.0)
      rspec-expectations (~> 3.13.0)
      rspec-mocks (~> 3.13.0)
    rspec-core (3.13.0)
      rspec-support (~> 3.13.0)
    rspec-expectations (3.13.0)
      diff-lcs (>= 1.2.0, < 2.0)
      rspec-support (~> 3.13.0)
    rspec-mocks (3.13.0)
      diff-lcs (>= 1.2.0, < 2.0)
      rspec-support (~> 3.13.0)
    rspec-support (3.13.0)

PLATFORMS
  ruby

DEPENDENCIES
  rspec
  rspec-flamingo!

BUNDLED WITH
   1.17.2
